GIT
  remote: https://github.com/kamaradclimber/libdevinput.git
  revision: 2b5a4df98eef7d794fe44d4e98742c5bb6d32631
  specs:
    libdevinput (0.0.2)

PATH
  remote: .
  specs:
    shopli (0.0.1)

GEM
  remote: https://rubygems.org/
  specs:
    diff-lcs (1.2.5)
    rake (10.3.1)
    rspec (2.14.1)
      rspec-core (~> 2.14.0)
      rspec-expectations (~> 2.14.0)
      rspec-mocks (~> 2.14.0)
    rspec-core (2.14.8)
    rspec-expectations (2.14.5)
      diff-lcs (>= 1.1.3, < 2.0)
    rspec-mocks (2.14.6)

PLATFORMS
  ruby

DEPENDENCIES
  bundler (~> 1.6)
  libdevinput!
  rake
  rspec
  shopli!
